GEM
  remote: https://rubygems.org/
  specs:
    addressable (2.4.0)
    chronic (0.10.2)
    haml (4.0.7)
      tilt
    hike (1.2.3)
    multi_json (1.12.1)
    puma (3.6.0)
    rack (1.6.4)
    rack-canonical-host (0.2.2)
      addressable (> 0, < 3)
      rack (>= 1.0.0, < 3)
    rack-protection (1.5.3)
      rack
    rake (11.3.0)
    redcarpet (3.3.4)
    redis (3.3.1)
    sass (3.4.22)
    shotgun (0.9.2)
      rack (>= 1.0)
    sinatra (1.4.7)
      rack (~> 1.5)
      rack-protection (~> 1.4)
      tilt (>= 1.3, < 3)
    sprockets (2.12.4)
      hike (~> 1.2)
      multi_json (~> 1.0)
      rack (~> 1.0)
      tilt (~> 1.1, != 1.3.0)
    sprockets-sass (1.3.1)
      sprockets (~> 2.0)
      tilt (~> 1.1)
    tilt (1.4.1)

PLATFORMS
  ruby

DEPENDENCIES
  chronic
  haml
  puma
  rack-canonical-host
  rake
  redcarpet
  redis
  sass
  shotgun
  sinatra
  sprockets
  sprockets-sass

RUBY VERSION
   ruby 2.3.0p0

BUNDLED WITH
   1.13.1
